GEM
  remote: https://rubygems.org/
  specs:
    diff-lcs (1.3)
    rake (10.4.2)
    rspec (3.6.0)
      rspec-core (~> 3.6.0)
      rspec-expectations (~> 3.6.0)
      rspec-mocks (~> 3.6.0)
    rspec-collection_matchers (1.1.3)
      rspec-expectations (>= 2.99.0.beta1)
    rspec-core (3.6.0)
      rspec-support (~> 3.6.0)
    rspec-expectations (3.6.0)
      diff-lcs (>= 1.2.0, < 2.0)
      rspec-support (~> 3.6.0)
    rspec-mocks (3.6.0)
      diff-lcs (>= 1.2.0, < 2.0)
      rspec-support (~> 3.6.0)
    rspec-support (3.6.0)
    tadb (0.3.3)

PLATFORMS
  ruby

DEPENDENCIES
  bundler
  rake
  rspec
  rspec-collection_matchers
  tadb (~> 0.3.3)

BUNDLED WITH
   1.15.4
